GIT
  remote: git://github.com/janko-m/sinatra-activerecord.git
  revision: d0937c1bd21a9e3df5f502c954bf7cb594ff60e3
  specs:
    sinatra-activerecord (2.0.9)
      activerecord (>= 3.2)
      sinatra (~> 1.0)

GEM
  remote: https://rubygems.org/
  specs:
    activemodel (4.2.6)
      activesupport (= 4.2.6)
      builder (~> 3.1)
    activerecord (4.2.6)
      activemodel (= 4.2.6)
      activesupport (= 4.2.6)
      arel (~> 6.0)
    activesupport (4.2.6)
      i18n (~> 0.7)
      json (~> 1.7, >= 1.7.7)
      minitest (~> 5.1)
      thread_safe (~> 0.3, >= 0.3.4)
      tzinfo (~> 1.1)
    arel (6.0.3)
    backports (3.6.8)
    builder (3.2.2)
    byebug (9.0.5)
    coderay (1.1.1)
    elo (0.1.0)
    i18n (0.7.0)
    json (1.8.3)
    method_source (0.8.2)
    minitest (5.9.0)
    multi_json (1.12.1)
    oj (2.15.1)
    oj_mimic_json (1.0.1)
    pry (0.10.3)
      coderay (~> 1.1.0)
      method_source (~> 0.8.1)
      slop (~> 3.4)
    pry-byebug (3.4.0)
      byebug (~> 9.0)
      pry (~> 0.10)
    rack (1.6.4)
    rack-parser (0.7.0)
      rack
    rack-protection (1.5.3)
      rack
    rack-test (0.6.3)
      rack (>= 1.0)
    sinatra (1.4.7)
      rack (~> 1.5)
      rack-protection (~> 1.4)
      tilt (>= 1.3, < 3)
    sinatra-contrib (1.4.7)
      backports (>= 2.0)
      multi_json
      rack-protection
      rack-test
      sinatra (~> 1.4.0)
      tilt (>= 1.3, < 3)
    sinatra-reloader (1.0)
      sinatra-contrib
    slop (3.6.0)
    sqlite3 (1.3.11)
    thread_safe (0.3.5)
    tilt (2.0.5)
    tzinfo (1.2.2)
      thread_safe (~> 0.1)
    will_paginate (3.1.0)
    yard (0.8.7.6)

PLATFORMS
  ruby

DEPENDENCIES
  activerecord (~> 4.2)
  elo
  oj (~> 2.15.1)
  oj_mimic_json (~> 1.0.1)
  pry
  pry-byebug
  rack-parser
  sinatra (~> 1.4.7)
  sinatra-activerecord!
  sinatra-contrib (~> 1.4.7)
  sinatra-reloader
  sqlite3
  will_paginate
  yard

RUBY VERSION
   ruby 2.3.1p112

BUNDLED WITH
   1.12.5
